PATH
  remote: .
  specs:
    ruhue (0.1.0)
      httpi
      nokogiri

GEM
  remote: http://rubygems.org/
  specs:
    coderay (1.0.8)
    color (1.4.1)
    diff-lcs (1.1.3)
    httpi (1.1.1)
      rack
    method_source (0.8.1)
    nokogiri (1.5.5)
    pry (0.9.10)
      coderay (~> 1.0.5)
      method_source (~> 0.8)
      slop (~> 3.3.1)
    rack (1.4.1)
    redcarpet (2.2.2)
    rspec (2.11.0)
      rspec-core (~> 2.11.0)
      rspec-expectations (~> 2.11.0)
      rspec-mocks (~> 2.11.0)
    rspec-core (2.11.1)
    rspec-expectations (2.11.3)
      diff-lcs (~> 1.1.3)
    rspec-mocks (2.11.3)
    slop (3.3.3)
    yard (0.8.3)

PLATFORMS
  ruby

DEPENDENCIES
  color
  pry
  redcarpet
  rspec
  ruhue!
  yard
