GEM
  remote: http://rubygems.org/
  specs:
    coderay (1.0.8)
    httpi (1.1.1)
      rack
    method_source (0.8.1)
    nokogiri (1.5.5)
    pry (0.9.10)
      coderay (~> 1.0.5)
      method_source (~> 0.8)
      slop (~> 3.3.1)
    rack (1.4.1)
    slop (3.3.3)

PLATFORMS
  ruby

DEPENDENCIES
  httpi
  nokogiri
  pry
